GEM
  remote: https://rubygems.org/
  specs:
    addressable (2.6.0)
      public_suffix (>= 2.0.2, < 4.0)
    autoprefixer-rails (9.6.1.1)
      execjs
    colorator (1.1.0)
    commonmarker (0.20.1)
      ruby-enum (~> 0.5)
    concurrent-ruby (1.1.5)
    em-websocket (0.5.1)
      eventmachine (>= 0.12.9)
      http_parser.rb (~> 0.6.0)
    eventmachine (1.2.7)
    execjs (2.7.0)
    exifr (1.3.6)
    fastimage (1.8.1)
      addressable (~> 2.3, >= 2.3.5)
    ffi (1.11.1)
    forwardable-extended (2.6.0)
    fspath (3.1.2)
    hike (1.2.3)
    http_parser.rb (0.6.0)
    i18n (1.6.0)
      concurrent-ruby (~> 1.0)
    image_optim (0.26.5)
      exifr (~> 1.2, >= 1.2.2)
      fspath (~> 3.0)
      image_size (>= 1.5, < 3)
      in_threads (~> 1.3)
      progress (~> 3.0, >= 3.0.1)
    image_size (2.0.2)
    in_threads (1.5.3)
    jekyll (4.0.0)
      addressable (~> 2.4)
      colorator (~> 1.0)
      em-websocket (~> 0.5)
      i18n (>= 0.9.5, < 2)
      jekyll-sass-converter (~> 2.0)
      jekyll-watch (~> 2.0)
      kramdown (~> 2.1)
      kramdown-parser-gfm (~> 1.0)
      liquid (~> 4.0)
      mercenary (~> 0.3.3)
      pathutil (~> 0.9)
      rouge (~> 3.0)
      safe_yaml (~> 1.0)
      terminal-table (~> 1.8)
    jekyll-assets (1.0.0)
      fastimage (~> 1.6)
      jekyll (>= 2)
      mini_magick (~> 4.1)
      sass (~> 3.2)
      sprockets (~> 2.10)
      sprockets-helpers
      sprockets-sass
    jekyll-commonmark (1.3.1)
      commonmarker (~> 0.14)
      jekyll (>= 3.7, < 5.0)
    jekyll-feed (0.12.1)
      jekyll (>= 3.7, < 5.0)
    jekyll-include-cache (0.2.0)
      jekyll (>= 3.7, < 5.0)
    jekyll-paginate-v2 (1.5.2)
    jekyll-sass-converter (2.0.0)
      sassc (> 2.0.1, < 3.0)
    jekyll-seo-tag (2.6.1)
      jekyll (>= 3.3, < 5.0)
    jekyll-watch (2.2.1)
      listen (~> 3.0)
    kramdown (2.1.0)
    kramdown-parser-gfm (1.1.0)
      kramdown (~> 2.0)
    liquid (4.0.3)
    liquid-c (4.0.0)
      liquid (>= 3.0.0)
    listen (3.1.5)
      rb-fsevent (~> 0.9, >= 0.9.4)
      rb-inotify (~> 0.9, >= 0.9.7)
      ruby_dep (~> 1.2)
    mercenary (0.3.6)
    mini_magick (4.9.5)
    minima (2.5.1)
      jekyll (>= 3.5, < 5.0)
      jekyll-feed (~> 0.9)
      jekyll-seo-tag (~> 2.1)
    multi_json (1.13.1)
    pathutil (0.16.2)
      forwardable-extended (~> 2.6)
    progress (3.5.2)
    public_suffix (3.1.1)
    rack (1.6.11)
    rb-fsevent (0.10.3)
    rb-inotify (0.10.0)
      ffi (~> 1.0)
    rouge (3.9.0)
    ruby-enum (0.7.2)
      i18n
    ruby_dep (1.5.0)
    safe_yaml (1.0.5)
    sass (3.7.4)
      sass-listen (~> 4.0.0)
    sass-listen (4.0.0)
      rb-fsevent (~> 0.9, >= 0.9.4)
      rb-inotify (~> 0.9, >= 0.9.7)
    sassc (2.1.0)
      ffi (~> 1.9)
    sprockets (2.12.5)
      hike (~> 1.2)
      multi_json (~> 1.0)
      rack (~> 1.0)
      tilt (~> 1.1, != 1.3.0)
    sprockets-helpers (1.2.1)
      sprockets (>= 2.2)
    sprockets-sass (1.3.1)
      sprockets (~> 2.0)
      tilt (~> 1.1)
    terminal-table (1.8.0)
      unicode-display_width (~> 1.1, >= 1.1.1)
    tilt (1.4.1)
    uglifier (4.1.20)
      execjs (>= 0.3.0, < 3)
    unicode-display_width (1.6.0)

PLATFORMS
  ruby

DEPENDENCIES
  autoprefixer-rails
  image_optim
  jekyll (= 4.0)
  jekyll-assets
  jekyll-commonmark
  jekyll-include-cache
  jekyll-paginate-v2
  liquid-c
  minima (~> 2.0)
  sassc
  sprockets
  tzinfo-data
  uglifier

BUNDLED WITH
   2.0.1
